Brain Vision Data Exchange Header File Version 1.0

[Common Infos]
Codepage=UTF-8
DataFile=NeoRec_2024-09-05_11-51-18.eeg
MarkerFile=NeoRec_2024-09-05_11-51-18.vmrk
DataFormat=BINARY
DataOrientation=MULTIPLEXED
NumberOfChannels=10
SamplingInterval=2000

[Binary Infos]
BinaryFormat=IEEE_FLOAT_32

[Channel Infos]
Ch1=Fp1,,0.0488281,uV
Ch2=Fp2,,0.0488281,uV
Ch3=TP10,,0.0488281,uV
Ch4=TP9,,0.0488281,uV
Ch5=C4,,0.0488281,uV
Ch6=C3,,0.0488281,uV
Ch7=Cz,,0.0488281,uV
Ch8=Oz,,0.0488281,uV
Ch9=O1,,0.0488281,uV
Ch10=O2,,0.0488281,uV
